PATH
  remote: .
  specs:
    marketstack_wrapper (0.1.0)
      faraday (~> 2.0)
      json (~> 2.6)

GEM
  remote: https://rubygems.org/
  specs:
    diff-lcs (1.5.1)
    faraday (2.12.1)
      faraday-net_http (>= 2.0, < 3.5)
      json
      logger
    faraday-net_http (3.4.0)
      net-http (>= 0.5.0)
    json (2.8.2)
    logger (1.6.1)
    net-http (0.5.0)
      uri
    rake (13.2.1)
    rspec (3.13.0)
      rspec-core (~> 3.13.0)
      rspec-expectations (~> 3.13.0)
      rspec-mocks (~> 3.13.0)
    rspec-core (3.13.2)
      rspec-support (~> 3.13.0)
    rspec-expectations (3.13.3)
      diff-lcs (>= 1.2.0, < 2.0)
      rspec-support (~> 3.13.0)
    rspec-mocks (3.13.2)
      diff-lcs (>= 1.2.0, < 2.0)
      rspec-support (~> 3.13.0)
    rspec-support (3.13.1)
    uri (1.0.2)
    yard (0.9.37)

PLATFORMS
  arm64-darwin-22
  ruby

DEPENDENCIES
  marketstack_wrapper!
  rake (~> 13.0)
  rspec
  yard

BUNDLED WITH
   2.5.22
